GEM
  remote: https://www.rubygems.org/
  specs:
    activesupport (4.1.6)
      i18n (~> 0.6, >= 0.6.9)
      json (~> 1.7, >= 1.7.7)
      minitest (~> 5.1)
      thread_safe (~> 0.1)
      tzinfo (~> 1.1)
    awesome_print (1.2.0)
    clbustos-rtf (0.4.2)
    dirty-memoize (0.0.4)
    distribution (0.7.1)
    extendmatrix (0.3.1)
    hoe (3.13.0)
      rake (>= 0.8, < 11.0)
    i18n (0.6.11)
    json (1.8.6)
    metaclass (0.0.4)
    minimization (0.2.1)
      rb-gsl (~> 1.2)
      text-table (~> 1.2)
    minitest (5.4.2)
    mocha (0.14.0)
      metaclass (~> 0.0.1)
    narray (0.6.0.9)
    prawn (0.8.4)
      prawn-core (>= 0.8.4, < 0.9)
      prawn-layout (>= 0.8.4, < 0.9)
      prawn-security (>= 0.8.4, < 0.9)
    prawn-core (0.8.4)
    prawn-layout (0.8.4)
    prawn-security (0.8.4)
    prawn-svg (0.9.1.11)
      prawn (>= 0.8.4)
    rake (10.3.2)
    rb-gsl (1.16.0.2)
      narray (>= 0.5.9)
    rdoc (6.3.1)
    reportbuilder (1.4.2)
      clbustos-rtf (~> 0.4.0)
      prawn (~> 0.8.4)
      prawn-svg (~> 0.9.1)
      text-table (~> 1.2)
    rserve-client (0.3.1)
    ruby-ole (1.2.11.7)
    rubyvis (0.6.1)
    shoulda (3.5.0)
      shoulda-context (~> 1.0, >= 1.0.1)
      shoulda-matchers (>= 1.4.1, < 3.0)
    shoulda-context (1.2.1)
    shoulda-matchers (2.2.0)
      activesupport (>= 3.0.0)
    spreadsheet (1.0.0)
      ruby-ole (>= 1.0)
    text-table (1.2.3)
    thread_safe (0.3.4)
    tzinfo (1.2.2)
      thread_safe (~> 0.1)

PLATFORMS
  ruby

DEPENDENCIES
  awesome_print
  dirty-memoize
  distribution
  extendmatrix
  hoe
  minimization
  minitest
  mocha (= 0.14.0)
  rb-gsl
  rdoc
  reportbuilder
  rserve-client
  rubyvis
  shoulda (= 3.5.0)
  shoulda-matchers (= 2.2.0)
  spreadsheet
