GEM
  remote: http://rubygems.org/
  specs:
    activesupport (3.2.10)
      i18n (~> 0.6)
      multi_json (~> 1.0)
    hoe (3.4.0)
      rake (>= 0.8, < 11.0)
    i18n (0.6.1)
    json (1.7.6)
    metaclass (0.0.1)
    minitest (4.3.3)
    mocha (0.10.5)
      metaclass (~> 0.0.1)
    multi_json (1.5.0)
    rake (10.0.3)
    rdoc (3.12)
      json (~> 1.4)
    shoulda (2.11.3)
    shoulda-matchers (1.1.0)
      activesupport (>= 3.0.0)

PLATFORMS
  ruby

DEPENDENCIES
  hoe
  minitest
  mocha (= 0.10.5)
  rdoc
  shoulda (= 2.11.3)
  shoulda-matchers (= 1.1.0)
